GEM
  remote: https://rubygems.org/
  specs:
    byebug (11.1.3)
    eventmachine (1.2.7)
    faye-websocket (0.11.3)
      eventmachine (>= 0.12.0)
      websocket-driver (>= 0.5.1)
    json (2.7.2)
    nio4r (2.7.1)
    puma (6.4.2)
      nio4r (~> 2.0)
    rack (3.0.10)
    rackup (2.1.0)
      rack (>= 3)
      webrick (~> 1.8)
    wavefile (1.1.2)
    webrick (1.8.1)
    websocket-driver (0.7.6)
      websocket-extensions (>= 0.1.0)
    websocket-extensions (0.1.5)

PLATFORMS
  ruby

DEPENDENCIES
  byebug
  faye-websocket
  json
  puma
  rack
  rackup (~> 2.1)
  wavefile

BUNDLED WITH
   2.1.2
